GEM
  remote: http://rubygems.org/
  specs:
    haml (3.1.3)
    oauth (0.4.5)
    rack (1.3.5)
    rack-protection (1.1.4)
      rack
    sinatra (1.3.1)
      rack (~> 1.3, >= 1.3.4)
      rack-protection (~> 1.1, >= 1.1.2)
      tilt (~> 1.3, >= 1.3.3)
    tilt (1.3.3)

PLATFORMS
  ruby

DEPENDENCIES
  haml (= 3.1.3)
  oauth (= 0.4.5)
  sinatra (= 1.3.1)
